GEM
  remote: https://rubygems.org/
  specs:
    rubyvis (0.6.1)
    semver (1.0.1)

PLATFORMS
  ruby

DEPENDENCIES
  rubyvis
  semver
