GEM
  remote: https://rubygems.org/
  specs:
    aquarium (0.5.1)
    awesome_print (1.7.0)
    bond (0.5.1)
    debase (0.2.1)
      debase-ruby_core_source
    debase-ruby_core_source (0.9.9)
    deep_dive (0.3.5)
      json (~> 2.0, >= 2.0.2)
    distribution (0.7.3)
    json (2.0.3)
    queue_ding (0.1.5)
      aquarium (~> 0)
      json (~> 2.0, >= 2.0.2)
      semver2 (~> 3)
    rb-readline (0.5.4)
    rubyneat (0.4.5)
      aquarium (~> 0)
      awesome_print (~> 1)
      bond (~> 0)
      debase (~> 0)
      deep_dive (~> 0)
      distribution (~> 0)
      json (~> 2.0, >= 2.0.2)
      queue_ding
      rb-readline (~> 0)
      semver (~> 1)
      statistics2 (~> 0)
      thor (~> 0)
    semver (1.0.1)
    semver2 (3.4.2)
    statistics2 (0.54)
    thor (0.19.4)

PLATFORMS
  ruby

DEPENDENCIES
  rubyneat (~> 0.4)
  semver2

BUNDLED WITH
   1.14.6
