GIT
  remote: git://github.com//development/ruby_proj/rubyneat.git
  revision: 9fdd253105d0360533abcec3ef36760eba15cf55
  branch: hyper
  specs:
    rubyneat (0.5.2.hyper)
      aquarium (~> 0)
      awesome_print (~> 1)
      bond (~> 0)
      deep_dive (~> 0)
      distribution (~> 0)
      k-tree (~> 0)
      parser (~> 2)
      queue_ding
      rb-readline (~> 0)
      statistics2 (~> 0)
      thor (~> 0)
      unparser (~> 0)

GIT
  remote: git://github.com//development/ruby_proj/rubyneat_rabbitmq.git
  revision: 4337e0fdaff69383364e0a136c0d7b15e38620ce
  branch: master
  specs:
    rubyneat_rabbitmq (0.0.1.notreadyforuse.0)
      bunny (~> 1.7)
      parser (~> 2)
      rubyneat
      unparser

GEM
  remote: https://rubygems.org/
  specs:
    abstract_type (0.0.7)
    adamantium (0.2.0)
      ice_nine (~> 0.11.0)
      memoizable (~> 0.4.0)
    amq-protocol (1.9.2)
    aquarium (0.5.1)
    ast (2.2.0)
    awesome_print (1.6.1)
    binding_of_caller (0.7.2)
      debug_inspector (>= 0.0.1)
    bond (0.5.1)
    bunny (1.7.1)
      amq-protocol (~> 1.9.2)
    byebug (8.2.2)
    coderay (1.1.0)
    concord (0.1.5)
      adamantium (~> 0.2.0)
      equalizer (~> 0.0.9)
    debug_inspector (0.0.2)
    deep_dive (0.3.2)
    diff-lcs (1.2.5)
    distribution (0.7.3)
    equalizer (0.0.11)
    ffi (1.9.10)
    glu (8.2.2)
    glut (8.2.2)
    ice_nine (0.11.2)
    interception (0.5)
    k-tree (0.0.3)
    memoizable (0.4.2)
      thread_safe (~> 0.3, >= 0.3.1)
    method_source (0.8.2)
    opengl (0.9.2)
    parser (2.3.0.3)
      ast (~> 2.2)
    ply (0.9.1)
    procto (0.0.2)
    pry (0.10.3)
      coderay (~> 1.1.0)
      method_source (~> 0.8.1)
      slop (~> 3.4)
    pry-byebug (3.3.0)
      byebug (~> 8.0)
      pry (~> 0.10)
    pry-doc (0.8.0)
      pry (~> 0.9)
      yard (~> 0.8)
    pry-remote (0.1.8)
      pry (~> 0.9)
      slop (~> 3.0)
    pry-rescue (1.4.2)
      interception (>= 0.5)
      pry
    pry-stack_explorer (0.4.9.2)
      binding_of_caller (>= 0.7)
      pry (>= 0.9.11)
    queue_ding (0.1.1)
      aquarium (~> 0)
    rb-readline (0.5.3)
    rice (2.1.0)
    rubysdl (2.2.0)
    semver (1.0.1)
    slop (3.6.0)
    statistics2 (0.54)
    thor (0.19.1)
    thread_safe (0.3.5)
    unparser (0.2.5)
      abstract_type (~> 0.0.7)
      adamantium (~> 0.2.0)
      concord (~> 0.1.5)
      diff-lcs (~> 1.2.5)
      equalizer (~> 0.0.9)
      parser (~> 2.3.0)
      procto (~> 0.0.2)
    yard (0.8.7.6)

PLATFORMS
  ruby

DEPENDENCIES
  ffi
  glu
  glut
  opengl
  ply
  pry
  pry-byebug
  pry-doc
  pry-remote
  pry-rescue
  pry-stack_explorer
  rice
  rubyneat!
  rubyneat_rabbitmq!
  rubysdl
  semver

BUNDLED WITH
   1.11.2
