GEM
  remote: https://rubygems.org/
  specs:
    aquarium (0.5.1)
    awesome_print (1.2.0)
    bond (0.5.1)
    debase (0.0.9)
      debugger-ruby_core_source
    debugger-ruby_core_source (1.3.5)
    deep_dive (0.1.0)
      debase
    distribution (0.7.0)
    gosu (0.7.50)
    rb-readline (0.5.1)
    rubyneat (0.3.5.alpha.8)
      aquarium (~> 0)
      awesome_print (~> 1)
      bond (~> 0.5)
      debase (~> 0)
      deep_dive (~> 0)
      distribution (~> 0)
      gosu (~> 0)
      rb-readline (~> 0.5)
      rubyvis (~> 0)
      statistics2 (~> 0)
      thor (~> 0)
    rubyvis (0.6.0)
    semver (1.0.1)
    statistics2 (0.54)
    thor (0.19.1)

PLATFORMS
  ruby

DEPENDENCIES
  gosu
  rubyneat
  rubyvis
  semver
