GEM
  remote: https://rubygems.org/
  specs:
    activesupport (4.1.6)
      i18n (~> 0.6, >= 0.6.9)
      json (~> 1.7, >= 1.7.7)
      minitest (~> 5.1)
      thread_safe (~> 0.1)
      tzinfo (~> 1.1)
    aquarium (0.5.1)
    awesome_print (1.2.0)
    backports (3.6.0)
    barista (1.3.0)
      coffee-script (~> 2.2)
    bond (0.5.1)
    chunky_png (1.3.1)
    coffee-script (2.3.0)
      coffee-script-source
      execjs
    coffee-script-source (1.8.0)
    compass (1.0.1)
      chunky_png (~> 1.2)
      compass-core (~> 1.0.1)
      compass-import-once (~> 1.0.5)
      rb-fsevent (>= 0.9.3)
      rb-inotify (>= 0.9)
      sass (>= 3.3.13, < 3.5)
    compass-core (1.0.1)
      multi_json (~> 1.0)
      sass (>= 3.3.0, < 3.5)
    compass-import-once (1.0.5)
      sass (>= 3.2, < 3.5)
    daemons (1.1.9)
    debase (0.0.9)
      debugger-ruby_core_source
    debugger-ruby_core_source (1.3.5)
    deep_dive (0.2.1)
      debase
    distribution (0.7.1)
    eventmachine (1.0.3)
    execjs (2.2.1)
    ffi (1.9.3)
    haml (4.0.5)
      tilt
    i18n (0.6.11)
    jsmin (1.0.1)
    json (1.8.1)
    json-stream (0.2.1)
    minitest (5.4.1)
    multi_json (1.10.1)
    queue_ding (0.1.0)
      aquarium (~> 0)
    rabl (0.11.0)
      activesupport (>= 2.3.14)
    rack (1.5.2)
    rack-protection (1.5.3)
      rack
    rack-test (0.6.2)
      rack (>= 1.0)
    rb-fsevent (0.9.4)
    rb-inotify (0.9.5)
      ffi (>= 0.5.0)
    rb-readline (0.5.1)
    rubyneat (0.5.0.hyper.alpha.0)
      aquarium (~> 0)
      awesome_print (~> 1)
      bond (~> 0.5)
      debase (~> 0)
      deep_dive (~> 0)
      distribution (~> 0)
      queue_ding
      rb-readline (~> 0.5)
      statistics2 (~> 0)
      thor (~> 0)
    rubyneat_dashboard (0.4.0.alpha.8)
      barista
      compass
      eventmachine
      haml (~> 4)
      json (~> 1)
      json-stream (~> 0)
      queue_ding
      rabl
      rubyneat
      sass (~> 3)
      sinatra
      sinatra-assetpack
      sinatra-contrib
      thin
    rubyvis (0.6.1)
    sass (3.4.4)
    semver (1.0.1)
    sinatra (1.4.5)
      rack (~> 1.4)
      rack-protection (~> 1.4)
      tilt (~> 1.3, >= 1.3.4)
    sinatra-assetpack (0.3.3)
      jsmin
      rack-test
      sinatra
      tilt (>= 1.3.0, < 2.0)
    sinatra-contrib (1.4.2)
      backports (>= 2.0)
      multi_json
      rack-protection
      rack-test
      sinatra (~> 1.4.0)
      tilt (~> 1.3)
    statistics2 (0.54)
    thin (1.6.2)
      daemons (>= 1.0.9)
      eventmachine (>= 1.0.0)
      rack (>= 1.0.0)
    thor (0.19.1)
    thread_safe (0.3.4)
    tilt (1.4.1)
    tzinfo (1.2.2)
      thread_safe (~> 0.1)

PLATFORMS
  ruby

DEPENDENCIES
  rubyneat_dashboard
  rubyvis
  semver
