GIT
  remote: https://github.com/rstacruz/sinatra-assetpack.git
  revision: 279853a16884579f31a213d9ea64b06c1e427955
  specs:
    sinatra-assetpack (0.3.3)
      jsmin
      rack-test
      sinatra
      tilt (>= 1.3.0, < 2.0)

GEM
  remote: https://rubygems.org/
  specs:
    aquarium (0.5.1)
    awesome_print (1.2.0)
    bond (0.5.1)
    debase (0.0.9)
      debugger-ruby_core_source
    debugger-ruby_core_source (1.3.5)
    deep_dive (0.1.0)
      debase
    distribution (0.7.0)
    gosu (0.7.50)
    jsmin (1.0.1)
    rack (1.5.2)
    rack-protection (1.5.3)
      rack
    rack-test (0.6.2)
      rack (>= 1.0)
    rb-readline (0.5.1)
    rubyneat (0.3.5.alpha.8)
      aquarium (~> 0)
      awesome_print (~> 1)
      bond (~> 0.5)
      debase (~> 0)
      deep_dive (~> 0)
      distribution (~> 0)
      gosu (~> 0)
      rb-readline (~> 0.5)
      rubyvis (~> 0)
      statistics2 (~> 0)
      thor (~> 0)
    rubyvis (0.6.0)
    semver (1.0.1)
    sinatra (1.4.5)
      rack (~> 1.4)
      rack-protection (~> 1.4)
      tilt (~> 1.3, >= 1.3.4)
    statistics2 (0.54)
    thor (0.19.1)
    tilt (1.4.1)

PLATFORMS
  ruby

DEPENDENCIES
  gosu
  rubyneat
  rubyvis
  semver
  sinatra-assetpack!
