GIT
  remote: git://github.com//development/ruby_proj/rubyneat.git
  revision: 0e04efc10fa17cbc9c05bfb989041bb81a07e30f
  branch: hyper
  specs:
    rubyneat (0.5.2.hyper)
      aquarium (~> 0)
      awesome_print (~> 1)
      bond (~> 0)
      deep_dive (~> 0)
      distribution (~> 0)
      k-tree (~> 0)
      parser (~> 2)
      queue_ding
      rb-readline (~> 0)
      statistics2 (~> 0)
      thor (~> 0)
      unparser

GIT
  remote: git://github.com//development/ruby_proj/rubyneat_dashboard.git
  revision: c368975535e710cfc8582219a7f63303b269b87e
  branch: master
  specs:
    rubyneat_dashboard (0.4.0.alpha.5)
      barista
      compass (~> 1)
      eventmachine (~> 1)
      haml (~> 4)
      json (~> 1)
      json-stream (~> 0)
      opal (~> 0.7)
      opal-jquery (~> 0)
      queue_ding
      rabl (~> 0)
      rubyneat
      sass (~> 3)
      sinatra (~> 1)
      sinatra-assetpack (~> 0)
      sinatra-contrib (~> 1)
      therubyracer (~> 0)
      thin (~> 1)

GIT
  remote: git://github.com//development/ruby_proj/rubyneat_rabbitmq.git
  revision: 14643e776e78a4bde502b39f9cfce5c6f9006411
  branch: master
  specs:
    rubyneat_rabbitmq (0.0.1.notreadyforuse.0)
      bunny (~> 1.7)
      rubyneat

GEM
  remote: https://rubygems.org/
  specs:
    abstract_type (0.0.7)
    activesupport (4.2.5)
      i18n (~> 0.7)
      json (~> 1.7, >= 1.7.7)
      minitest (~> 5.1)
      thread_safe (~> 0.3, >= 0.3.4)
      tzinfo (~> 1.1)
    adamantium (0.2.0)
      ice_nine (~> 0.11.0)
      memoizable (~> 0.4.0)
    amq-protocol (1.9.2)
    aquarium (0.5.1)
    ast (2.2.0)
    awesome_print (1.6.1)
    backports (3.6.7)
    barista (1.3.0)
      coffee-script (~> 2.2)
    binding_of_caller (0.7.2)
      debug_inspector (>= 0.0.1)
    bond (0.5.1)
    bunny (1.7.1)
      amq-protocol (~> 1.9.2)
    byebug (8.2.1)
    chunky_png (1.3.5)
    coderay (1.1.0)
    coffee-script (2.4.1)
      coffee-script-source
      execjs
    coffee-script-source (1.10.0)
    compass (1.0.3)
      chunky_png (~> 1.2)
      compass-core (~> 1.0.2)
      compass-import-once (~> 1.0.5)
      rb-fsevent (>= 0.9.3)
      rb-inotify (>= 0.9)
      sass (>= 3.3.13, < 3.5)
    compass-core (1.0.3)
      multi_json (~> 1.0)
      sass (>= 3.3.0, < 3.5)
    compass-import-once (1.0.5)
      sass (>= 3.2, < 3.5)
    concord (0.1.5)
      adamantium (~> 0.2.0)
      equalizer (~> 0.0.9)
    concurrent-ruby (1.0.0)
    daemons (1.2.3)
    debug_inspector (0.0.2)
    deep_dive (0.3.2)
    diff-lcs (1.2.5)
    distribution (0.7.3)
    equalizer (0.0.11)
    eventmachine (1.0.8)
    execjs (2.6.0)
    ffi (1.9.10)
    glu (8.2.1)
    glut (8.2.1)
    haml (4.0.7)
      tilt
    hike (1.2.3)
    i18n (0.7.0)
    ice_nine (0.11.1)
    interception (0.5)
    jsmin (1.0.1)
    json (1.8.3)
    json-stream (0.2.1)
    k-tree (0.0.3)
    libv8 (3.16.14.13)
    memoizable (0.4.2)
      thread_safe (~> 0.3, >= 0.3.1)
    method_source (0.8.2)
    minitest (5.8.3)
    multi_json (1.11.2)
    opal (0.9.0)
      hike (~> 1.2)
      sourcemap (~> 0.1.0)
      sprockets (~> 3.1)
      tilt (>= 1.4)
    opal-jquery (0.4.1)
      opal (>= 0.7.0, < 0.10.0)
    opengl (0.9.2)
    parser (2.2.3.0)
      ast (>= 1.1, < 3.0)
    ply (0.9.1)
    procto (0.0.2)
    pry (0.10.3)
      coderay (~> 1.1.0)
      method_source (~> 0.8.1)
      slop (~> 3.4)
    pry-byebug (3.3.0)
      byebug (~> 8.0)
      pry (~> 0.10)
    pry-doc (0.8.0)
      pry (~> 0.9)
      yard (~> 0.8)
    pry-remote (0.1.8)
      pry (~> 0.9)
      slop (~> 3.0)
    pry-rescue (1.4.2)
      interception (>= 0.5)
      pry
    pry-stack_explorer (0.4.9.2)
      binding_of_caller (>= 0.7)
      pry (>= 0.9.11)
    queue_ding (0.1.1)
      aquarium (~> 0)
    rabl (0.11.7)
      activesupport (>= 2.3.14)
    rack (1.6.4)
    rack-protection (1.5.3)
      rack
    rack-test (0.6.3)
      rack (>= 1.0)
    rb-fsevent (0.9.7)
    rb-inotify (0.9.5)
      ffi (>= 0.5.0)
    rb-readline (0.5.3)
    ref (2.0.0)
    rubysdl (2.2.0)
    sass (3.4.20)
    semver (1.0.1)
    sinatra (1.4.6)
      rack (~> 1.4)
      rack-protection (~> 1.4)
      tilt (>= 1.3, < 3)
    sinatra-assetpack (0.3.5)
      jsmin
      rack-test
      sinatra
      tilt (>= 1.3.0, < 2.0)
    sinatra-contrib (1.4.6)
      backports (>= 2.0)
      multi_json
      rack-protection
      rack-test
      sinatra (~> 1.4.0)
      tilt (>= 1.3, < 3)
    slop (3.6.0)
    sourcemap (0.1.1)
    sprockets (3.5.2)
      concurrent-ruby (~> 1.0)
      rack (> 1, < 3)
    statistics2 (0.54)
    therubyracer (0.12.2)
      libv8 (~> 3.16.14.0)
      ref
    thin (1.6.4)
      daemons (~> 1.0, >= 1.0.9)
      eventmachine (~> 1.0, >= 1.0.4)
      rack (~> 1.0)
    thor (0.19.1)
    thread_safe (0.3.5)
    tilt (1.4.1)
    tzinfo (1.2.2)
      thread_safe (~> 0.1)
    unparser (0.2.4)
      abstract_type (~> 0.0.7)
      adamantium (~> 0.2.0)
      concord (~> 0.1.5)
      diff-lcs (~> 1.2.5)
      equalizer (~> 0.0.9)
      parser (~> 2.2.2)
      procto (~> 0.0.2)
    yard (0.8.7.6)

PLATFORMS
  ruby

DEPENDENCIES
  ffi
  glu
  glut
  opengl
  ply
  pry
  pry-byebug
  pry-doc
  pry-remote
  pry-rescue
  pry-stack_explorer
  rubyneat!
  rubyneat_dashboard!
  rubyneat_rabbitmq!
  rubysdl
  semver

BUNDLED WITH
   1.11.2
