GEM
  remote: https://rubygems.org/
  specs:
    addressable (2.3.6)
    aquarium (0.5.1)
    awesome_print (1.2.0)
    barista (1.3.0)
      coffee-script (~> 2.2)
    bond (0.5.1)
    chunky_png (1.3.1)
    coffee-script (2.2.0)
      coffee-script-source
      execjs
    coffee-script-source (1.7.0)
    compass (0.12.6)
      chunky_png (~> 1.2)
      fssm (>= 0.2.7)
      sass (~> 3.2.19)
    daemons (1.1.9)
    debase (0.0.9)
      debugger-ruby_core_source
    debugger-ruby_core_source (1.3.5)
    deep_dive (0.1.0)
      debase
    distribution (0.7.0)
    em-websocket (0.3.8)
      addressable (>= 2.1.1)
      eventmachine (>= 0.12.9)
    eventmachine (1.0.3)
    execjs (2.2.0)
    fssm (0.2.10)
    gosu (0.7.50)
    haml (4.0.5)
      tilt
    jsmin (1.0.1)
    json (1.8.1)
    json-stream (0.1.3)
    rack (1.5.2)
    rack-protection (1.5.3)
      rack
    rack-test (0.6.2)
      rack (>= 1.0)
    rb-readline (0.5.1)
    rubyneat (0.3.5.alpha.8)
      aquarium (~> 0)
      awesome_print (~> 1)
      bond (~> 0.5)
      debase (~> 0)
      deep_dive (~> 0)
      distribution (~> 0)
      gosu (~> 0)
      rb-readline (~> 0.5)
      rubyvis (~> 0)
      statistics2 (~> 0)
      thor (~> 0)
    rubyneat_dashboard (0.0.0.alpha.0)
      barista
      compass
      haml (~> 4)
      json (~> 1)
      json-stream (~> 0)
      sass (~> 3)
      sinatra (~> 1)
      sinatra-assetpack
      sinatra-websocket
      thin (~> 1)
    rubyvis (0.6.0)
    sass (3.2.19)
    semver (1.0.1)
    sinatra (1.4.5)
      rack (~> 1.4)
      rack-protection (~> 1.4)
      tilt (~> 1.3, >= 1.3.4)
    sinatra-assetpack (0.3.3)
      jsmin
      rack-test
      sinatra
      tilt (>= 1.3.0, < 2.0)
    sinatra-websocket (0.3.0)
      em-websocket (~> 0.3.6)
      eventmachine
      thin (>= 1.3.1)
    statistics2 (0.54)
    thin (1.6.2)
      daemons (>= 1.0.9)
      eventmachine (>= 1.0.0)
      rack (>= 1.0.0)
    thor (0.19.1)
    tilt (1.4.1)

PLATFORMS
  ruby

DEPENDENCIES
  gosu
  rubyneat
  rubyneat_dashboard
  rubyvis
  semver
