GEM
  remote: https://rubygems.org/
  specs:
    abstract_type (0.0.7)
    adamantium (0.2.0)
      ice_nine (~> 0.11.0)
      memoizable (~> 0.4.0)
    amq-protocol (1.9.2)
    aquarium (0.5.1)
    ast (2.3.0)
    awesome_print (1.7.0)
    binding_of_caller (0.7.2)
      debug_inspector (>= 0.0.1)
    bond (0.5.1)
    bunny (1.7.1)
      amq-protocol (~> 1.9.2)
    byebug (9.0.6)
    coderay (1.1.1)
    concord (0.1.5)
      adamantium (~> 0.2.0)
      equalizer (~> 0.0.9)
    debug_inspector (0.0.2)
    deep_dive (0.3.6)
      json (~> 2.0, >= 2.0.2)
      semver2 (~> 3)
    diff-lcs (1.2.5)
    distribution (0.7.3)
    equalizer (0.0.11)
    ffi (1.9.18)
    glu (8.2.2)
    glut (8.2.2)
    ice_nine (0.11.2)
    interception (0.5)
    json (2.0.4)
    k-tree (0.0.7)
      json (~> 2.0, >= 2.0.2)
      semver2 (~> 3)
    memoizable (0.4.2)
      thread_safe (~> 0.3, >= 0.3.1)
    method_source (0.8.2)
    oj (2.18.5)
    opengl (0.9.2)
    parser (2.3.3.1)
      ast (~> 2.2)
    ply (0.9.1)
    process-daemon (1.0.1)
      rainbow (~> 2.0)
    procto (0.0.3)
    pry (0.10.4)
      coderay (~> 1.1.0)
      method_source (~> 0.8.1)
      slop (~> 3.4)
    pry-byebug (3.4.2)
      byebug (~> 9.0)
      pry (~> 0.10)
    pry-doc (0.10.0)
      pry (~> 0.9)
      yard (~> 0.9)
    pry-remote (0.1.8)
      pry (~> 0.9)
      slop (~> 3.0)
    pry-rescue (1.4.5)
      interception (>= 0.5)
      pry
    pry-stack_explorer (0.4.9.2)
      binding_of_caller (>= 0.7)
      pry (>= 0.9.11)
    queue_ding (0.1.5)
      aquarium (~> 0)
      json (~> 2.0, >= 2.0.2)
      semver2 (~> 3)
    rainbow (2.2.1)
    rb-readline (0.5.4)
    rice (2.1.1)
    rubyneat (1.0.4)
      aquarium (~> 0)
      awesome_print (~> 1)
      bond (~> 0)
      bunny (~> 1)
      deep_dive (~> 0)
      distribution (~> 0)
      json (~> 2.0, >= 2.0.2)
      k-tree (~> 0)
      oj (~> 2)
      parser (~> 2)
      process-daemon (~> 1)
      queue_ding
      rb-readline (~> 0)
      semver2 (~> 3)
      thor (~> 0)
      unparser (~> 0)
    rubysdl (2.2.0)
    semver2 (3.4.2)
    slop (3.6.0)
    thor (0.19.4)
    thread_safe (0.3.6)
    unparser (0.2.5)
      abstract_type (~> 0.0.7)
      adamantium (~> 0.2.0)
      concord (~> 0.1.5)
      diff-lcs (~> 1.2.5)
      equalizer (~> 0.0.9)
      parser (~> 2.3.0)
      procto (~> 0.0.2)
    yard (0.9.8)

PLATFORMS
  ruby

DEPENDENCIES
  awesome_print
  ffi
  glu
  glut
  opengl
  ply
  pry
  pry-byebug
  pry-doc
  pry-remote
  pry-rescue
  pry-stack_explorer
  rice
  rubyneat
  rubysdl
  semver2

BUNDLED WITH
   1.14.6
