GIT
  remote: git://github.com/~/development/ruby_proj/rubyneat.git
  revision: e95693e0530834d7cc4a0003c4c482e3ee6806b7
  branch: hyper
  specs:
    rubyneat (0.5.2)
      aquarium (~> 0)
      awesome_print (~> 1)
      bond (~> 0)
      debase (~> 0)
      deep_dive (~> 0)
      distribution (~> 0)
      k-tree (~> 0)
      queue_ding
      rb-readline (~> 0)
      statistics2 (~> 0)
      thor (~> 0)

GIT
  remote: git://github.com/~/development/ruby_proj/rubyneat_dashboard.git
  revision: 83eb0754020a3c85c5c8896203ccbf2af276a12f
  branch: master
  specs:
    rubyneat_dashboard (0.4.0.hyper.alpha.2)
      barista
      compass
      eventmachine
      haml (~> 4)
      json (~> 1)
      json-stream (~> 0)
      opal (~> 0.7)
      queue_ding
      rabl
      rubyneat
      sass (~> 3)
      sinatra
      sinatra-assetpack
      sinatra-contrib
      thin (~> 1.6)

GEM
  remote: https://rubygems.org/
  specs:
    activesupport (4.2.2)
      i18n (~> 0.7)
      json (~> 1.7, >= 1.7.7)
      minitest (~> 5.1)
      thread_safe (~> 0.3, >= 0.3.4)
      tzinfo (~> 1.1)
    aquarium (0.5.1)
    awesome_print (1.6.1)
    backports (3.6.4)
    barista (1.3.0)
      coffee-script (~> 2.2)
    binding_of_caller (0.7.2)
      debug_inspector (>= 0.0.1)
    bond (0.5.1)
    byebug (4.0.5)
      columnize (= 0.9.0)
    chunky_png (1.3.4)
    coderay (1.1.0)
    coffee-script (2.4.1)
      coffee-script-source
      execjs
    coffee-script-source (1.9.1.1)
    columnize (0.9.0)
    compass (1.0.3)
      chunky_png (~> 1.2)
      compass-core (~> 1.0.2)
      compass-import-once (~> 1.0.5)
      rb-fsevent (>= 0.9.3)
      rb-inotify (>= 0.9)
      sass (>= 3.3.13, < 3.5)
    compass-core (1.0.3)
      multi_json (~> 1.0)
      sass (>= 3.3.0, < 3.5)
    compass-import-once (1.0.5)
      sass (>= 3.2, < 3.5)
    daemons (1.2.2)
    debase (0.1.4)
      debase-ruby_core_source
    debase-ruby_core_source (0.7.9)
    debug_inspector (0.0.2)
    deep_dive (0.2.2)
      debase
    distribution (0.7.3)
    eventmachine (1.0.7)
    execjs (2.5.2)
    ffi (1.9.8)
    glu (8.2.1)
    glut (8.2.1)
    gosu (0.9.2)
    haml (4.0.6)
      tilt
    hike (1.2.3)
    i18n (0.7.0)
    interception (0.5)
    jsmin (1.0.1)
    json (1.8.3)
    json-stream (0.2.1)
    k-tree (0.0.2)
    method_source (0.8.2)
    minitest (5.7.0)
    multi_json (1.11.1)
    opal (0.7.2)
      hike (~> 1.2)
      sourcemap (~> 0.1.0)
      sprockets (>= 2.2.3, < 3.0.0)
      tilt (~> 1.4)
    opengl (0.9.2)
    ply (0.9.1)
    pry (0.10.1)
      coderay (~> 1.1.0)
      method_source (~> 0.8.1)
      slop (~> 3.4)
    pry-byebug (3.1.0)
      byebug (~> 4.0)
      pry (~> 0.10)
    pry-doc (0.8.0)
      pry (~> 0.9)
      yard (~> 0.8)
    pry-remote (0.1.8)
      pry (~> 0.9)
      slop (~> 3.0)
    pry-rescue (1.4.2)
      interception (>= 0.5)
      pry
    pry-stack_explorer (0.4.9.2)
      binding_of_caller (>= 0.7)
      pry (>= 0.9.11)
    queue_ding (0.1.0)
      aquarium (~> 0)
    rabl (0.11.6)
      activesupport (>= 2.3.14)
    rack (1.6.2)
    rack-protection (1.5.3)
      rack
    rack-test (0.6.3)
      rack (>= 1.0)
    rb-fsevent (0.9.5)
    rb-inotify (0.9.5)
      ffi (>= 0.5.0)
    rb-readline (0.5.3)
    rice (1.7.0)
    rubysdl (2.2.0)
    sass (3.4.14)
    semver (1.0.1)
    sinatra (1.4.6)
      rack (~> 1.4)
      rack-protection (~> 1.4)
      tilt (>= 1.3, < 3)
    sinatra-assetpack (0.3.3)
      jsmin
      rack-test
      sinatra
      tilt (>= 1.3.0, < 2.0)
    sinatra-contrib (1.4.4)
      backports (>= 2.0)
      multi_json
      rack-protection
      rack-test
      sinatra (~> 1.4.0)
      tilt (>= 1.3, < 3)
    slop (3.6.0)
    sourcemap (0.1.1)
    sprockets (2.12.3)
      hike (~> 1.2)
      multi_json (~> 1.0)
      rack (~> 1.0)
      tilt (~> 1.1, != 1.3.0)
    statistics2 (0.54)
    thin (1.6.3)
      daemons (~> 1.0, >= 1.0.9)
      eventmachine (~> 1.0)
      rack (~> 1.0)
    thor (0.19.1)
    thread_safe (0.3.5)
    tilt (1.4.1)
    tzinfo (1.2.2)
      thread_safe (~> 0.1)
    yard (0.8.7.6)

PLATFORMS
  ruby

DEPENDENCIES
  ffi
  glu
  glut
  gosu
  opengl
  ply
  pry
  pry-byebug
  pry-doc
  pry-remote
  pry-rescue
  pry-stack_explorer
  rice
  rubyneat!
  rubyneat_dashboard!
  rubysdl
  semver
