GEM
  remote: https://rubygems.org/
  specs:
    aquarium (0.5.1)
    awesome_print (1.2.0)
    columnize (0.8.9)
    debase (0.0.9)
      debugger-ruby_core_source
    debugger (1.6.6)
      columnize (>= 0.3.1)
      debugger-linecache (~> 1.2.0)
      debugger-ruby_core_source (~> 1.3.2)
    debugger-linecache (1.2.0)
    debugger-ruby_core_source (1.3.2)
    deep_dive (0.1.0)
      debase
    distribution (0.7.0)
    gosu (0.7.50)
    rubyneat (0.3.5.alpha.6)
      aquarium (~> 0)
      awesome_print (~> 1)
      debase (~> 0)
      deep_dive (~> 0)
      distribution (~> 0)
      gosu (~> 0)
      rubyvis (~> 0)
      statistics2 (~> 0)
      thor (~> 0)
    rubyvis (0.6.0)
    statistics2 (0.54)
    thor (0.19.1)

PLATFORMS
  ruby

DEPENDENCIES
  debugger
  gosu
  rubyneat
  rubyvis
