GEM
  remote: https://rubygems.org/
  specs:
    aquarium (0.5.1)
    awesome_print (1.6.1)
    backports (3.6.8)
    barista (1.3.0)
      coffee-script (~> 2.2)
    bond (0.5.1)
    chunky_png (1.3.5)
    coffee-script (2.4.1)
      coffee-script-source
      execjs
    coffee-script-source (1.10.0)
    compass (1.0.3)
      chunky_png (~> 1.2)
      compass-core (~> 1.0.2)
      compass-import-once (~> 1.0.5)
      rb-fsevent (>= 0.9.3)
      rb-inotify (>= 0.9)
      sass (>= 3.3.13, < 3.5)
    compass-core (1.0.3)
      multi_json (~> 1.0)
      sass (>= 3.3.0, < 3.5)
    compass-import-once (1.0.5)
      sass (>= 3.2, < 3.5)
    daemons (1.2.3)
    debase (0.2.1)
      debase-ruby_core_source
    debase-ruby_core_source (0.9.0)
    deep_dive (0.3.3)
    distribution (0.7.3)
    eventmachine (1.2.0.1)
    execjs (2.7.0)
    ffi (1.9.10)
    gosu (0.10.7)
    haml (4.0.7)
      tilt
    jsmin (1.0.1)
    json (1.8.3)
    json-stream (0.2.1)
    multi_json (1.12.1)
    queue_ding (0.1.2)
      aquarium (~> 0)
      semver (~> 1)
    rack (1.6.4)
    rack-protection (1.5.3)
      rack
    rack-test (0.6.3)
      rack (>= 1.0)
    rb-fsevent (0.9.7)
    rb-inotify (0.9.7)
      ffi (>= 0.5.0)
    rb-readline (0.5.3)
    rubyneat (0.4.0.alpha.5)
      aquarium (~> 0)
      awesome_print (~> 1)
      bond (~> 0)
      debase (~> 0)
      deep_dive (~> 0)
      distribution (~> 0)
      queue_ding
      rb-readline (~> 0)
      semver (~> 1)
      statistics2 (~> 0)
      thor (~> 0)
    rubyneat_dashboard (0.4.0.alpha.6)
      barista
      compass
      eventmachine
      haml (~> 4)
      json (~> 1)
      json-stream (~> 0)
      queue_ding
      rubyneat
      sass (~> 3)
      sinatra (~> 1)
      sinatra-assetpack
      sinatra-contrib
      thin
    rubyvis (0.6.1)
    sass (3.4.22)
    semver (1.0.1)
    sinatra (1.4.7)
      rack (~> 1.5)
      rack-protection (~> 1.4)
      tilt (>= 1.3, < 3)
    sinatra-assetpack (0.3.5)
      jsmin
      rack-test
      sinatra
      tilt (>= 1.3.0, < 2.0)
    sinatra-contrib (1.4.7)
      backports (>= 2.0)
      multi_json
      rack-protection
      rack-test
      sinatra (~> 1.4.0)
      tilt (>= 1.3, < 3)
    statistics2 (0.54)
    thin (1.6.4)
      daemons (~> 1.0, >= 1.0.9)
      eventmachine (~> 1.0, >= 1.0.4)
      rack (~> 1.0)
    thor (0.19.1)
    tilt (1.4.1)

PLATFORMS
  ruby

DEPENDENCIES
  gosu
  rubyneat_dashboard
  rubyvis
  semver

BUNDLED WITH
   1.12.4
