GEM
  remote: https://rubygems.org/
  specs:
    addressable (2.4.0)
    aquarium (0.5.1)
    awesome_print (1.7.0)
    binding_of_caller (0.7.2)
      debug_inspector (>= 0.0.1)
    bond (0.5.1)
    builder (3.2.2)
    byebug (9.0.6)
    coderay (1.1.1)
    debase (0.2.1)
      debase-ruby_core_source
    debase-ruby_core_source (0.9.4)
    debug_inspector (0.0.2)
    deep_dive (0.3.4)
    descendants_tracker (0.0.4)
      thread_safe (~> 0.3, >= 0.3.1)
    diff-lcs (1.2.5)
    distribution (0.7.3)
    docile (1.1.5)
    faraday (0.9.2)
      multipart-post (>= 1.2, < 3)
    git (1.3.0)
    github_api (0.14.5)
      addressable (~> 2.4.0)
      descendants_tracker (~> 0.0.4)
      faraday (~> 0.8, < 0.10)
      hashie (>= 3.4)
      oauth2 (~> 1.0)
    gosu (0.10.8)
    hashie (3.4.6)
    highline (1.7.8)
    interception (0.5)
    json (2.0.2)
    juwelier (2.3.0)
      builder
      bundler (>= 1.13)
      git (>= 1.2.5)
      github_api
      highline (>= 1.6.15)
      nokogiri (>= 1.5.10)
      psych (~> 2.2)
      rake
      rdoc
      semver
    jwt (1.5.6)
    method_source (0.8.2)
    mini_portile2 (2.1.0)
    multi_json (1.12.1)
    multi_xml (0.6.0)
    multipart-post (2.0.0)
    nokogiri (1.6.8.1)
      mini_portile2 (~> 2.1.0)
    oauth2 (1.2.0)
      faraday (>= 0.8, < 0.10)
      jwt (~> 1.0)
      multi_json (~> 1.3)
      multi_xml (~> 0.5)
      rack (>= 1.2, < 3)
    pry (0.10.4)
      coderay (~> 1.1.0)
      method_source (~> 0.8.1)
      slop (~> 3.4)
    pry-byebug (3.4.2)
      byebug (~> 9.0)
      pry (~> 0.10)
    pry-doc (0.9.0)
      pry (~> 0.9)
      yard (~> 0.8)
    pry-remote (0.1.8)
      pry (~> 0.9)
      slop (~> 3.0)
    pry-rescue (1.4.4)
      interception (>= 0.5)
      pry
    pry-stack_explorer (0.4.9.2)
      binding_of_caller (>= 0.7)
      pry (>= 0.9.11)
    psych (2.2.1)
    queue_ding (0.1.3)
      aquarium (~> 0)
      semver (~> 1)
    rack (2.0.1)
    rake (12.0.0)
    rb-readline (0.5.3)
    rdoc (5.0.0)
    rspec (3.5.0)
      rspec-core (~> 3.5.0)
      rspec-expectations (~> 3.5.0)
      rspec-mocks (~> 3.5.0)
    rspec-core (3.5.4)
      rspec-support (~> 3.5.0)
    rspec-expectations (3.5.0)
      diff-lcs (>= 1.2.0, < 2.0)
      rspec-support (~> 3.5.0)
    rspec-mocks (3.5.0)
      diff-lcs (>= 1.2.0, < 2.0)
      rspec-support (~> 3.5.0)
    rspec-support (3.5.0)
    rubyneat (0.4.2)
      aquarium (~> 0)
      awesome_print (~> 1)
      bond (~> 0)
      debase (~> 0)
      deep_dive (~> 0)
      distribution (~> 0)
      queue_ding
      rb-readline (~> 0)
      semver (~> 1)
      statistics2 (~> 0)
      thor (~> 0)
    semver (1.0.1)
    simplecov (0.12.0)
      docile (~> 1.1.0)
      json (>= 1.8, < 3)
      simplecov-html (~> 0.10.0)
    simplecov-html (0.10.0)
    slop (3.6.0)
    statistics2 (0.54)
    thor (0.19.4)
    thread_safe (0.3.5)
    yard (0.9.5)

PLATFORMS
  ruby

DEPENDENCIES
  awesome_print
  bundler (~> 1.0)
  gosu
  juwelier (~> 2)
  pry
  pry-byebug (>= 3)
  pry-doc
  pry-remote
  pry-rescue (>= 1)
  pry-stack_explorer
  rdoc (~> 5)
  rspec (~> 3)
  rubyneat
  semver
  simplecov
  yard (~> 0.7)

BUNDLED WITH
   1.13.6
